GEM
  remote: https://rubygems.org/
  specs:
    capistrano (3.2.1)
      i18n
      rake (>= 10.0.0)
      sshkit (~> 1.3)
    capistrano-composer (0.0.4)
      capistrano (>= 3.0.0.pre)
    capistrano-copy-files (0.0.1)
      capistrano (>= 3.0.0)
    capistrano-file-permissions (0.1.0)
      capistrano (>= 3.0.0)
    chef-zero (3.1.3)
      hashie (~> 2.0)
      json
      mixlib-log (~> 1.3)
      rack
      uuidtools (~> 2.1)
    colorize (0.7.3)
    hashie (2.1.2)
    i18n (0.6.11)
    json (1.8.1)
    mixlib-log (1.6.0)
    net-scp (1.2.1)
      net-ssh (>= 2.6.5)
    net-ssh (2.9.1)
    rack (1.5.2)
    rake (10.3.2)
    sshkit (1.5.1)
      colorize
      net-scp (>= 1.1.2)
      net-ssh (>= 2.8.0)
    uuidtools (2.1.5)

PLATFORMS
  ruby

DEPENDENCIES
  capistrano (~> 3.2.0)
  capistrano-composer
  capistrano-copy-files
  capistrano-file-permissions
  chef-zero
