GEM
  remote: https://rubygems.org/
  specs:
    chef-zero (2.2)
      hashie (~> 2.0)
      json
      mixlib-log (~> 1.3)
      rack
    hashie (2.1.2)
    json (1.8.1)
    mixlib-log (1.6.0)
    rack (1.5.2)

PLATFORMS
  ruby

DEPENDENCIES
  chef-zero
